GEM
  specs:
    minitest (5.25.4)
    rake (13.2.1)
    rsec (1.0.0)
    strscan (3.1.0)

PLATFORMS
  arm64-darwin-22
  ruby

DEPENDENCIES
  minitest
  rake
  rsec (~> 1.0)
  strscan

BUNDLED WITH
   2.5.22
